GEM
  remote: https://rubygems.org/
  specs:
    concurrent-ruby (1.3.4)
    date (3.4.1)
    debug (1.10.0)
      irb (~> 1.10)
      reline (>= 0.3.8)
    faker (3.5.1)
      i18n (>= 1.8.11, < 2)
    i18n (1.14.6)
      concurrent-ruby (~> 1.0)
    io-console (0.8.0)
    irb (1.14.3)
      rdoc (>= 4.0.0)
      reline (>= 0.4.2)
    minitest (5.25.4)
    psych (5.2.2)
      date
      stringio
    rdoc (6.10.0)
      psych (>= 4.0.0)
    reline (0.6.0)
      io-console (~> 0.5)
    stringio (3.1.2)

PLATFORMS
  x86_64-linux

DEPENDENCIES
  debug
  faker
  minitest

BUNDLED WITH
   2.2.33
